PATH
  remote: .
  specs:
    imdb_films (0.1.0)

GEM
  remote: https://rubygems.org/
  specs:
    rake (13.0.6)

PLATFORMS
  x86_64-linux

DEPENDENCIES
  imdb_films!
  rake (~> 13.0)

BUNDLED WITH
   2.3.13
